PATH
  remote: ../aca-device-modules
  specs:
    aca-device-modules (2.0.0)
      orchestrator
      rails

PATH
  remote: ../coauth
  specs:
    coauth (1.0.0)
      addressable
      co-elastic-query (~> 3.1)
      doorkeeper-couchbase
      email_validator
      jwt
      omniauth
      omniauth-ldap2
      omniauth-oauth2
      omniauth-saml
      scrypt

PATH
  remote: ../ruby-engine
  specs:
    orchestrator (2.0.0)
      addressable (~> 2.4)
      algorithms (~> 0.6)
      co-elastic-query (~> 3.0)
      couchbase-orm (~> 1)
      doorkeeper-couchbase (~> 1.0)
      evented-ssh (~> 0)
      libuv (~> 3.1)
      netsnmp (~> 0.1)
      oauth (~> 0.5)
      rails (~> 5.0)
      rake (~> 12)
      rspec (~> 3.5)
      spider-gazelle (~> 3.0)
      uv-rays (~> 2.0)
      xorcist (~> 1.0)

GEM
  remote: https://rubygems.org/
  specs:
    actioncable (5.1.4)
      actionpack (= 5.1.4)
      nio4r (~> 2.0)
      websocket-driver (~> 0.6.1)
    actionmailer (5.1.4)
      actionpack (= 5.1.4)
      actionview (= 5.1.4)
      activejob (= 5.1.4)
      mail (~> 2.5, >= 2.5.4)
      rails-dom-testing (~> 2.0)
    actionpack (5.1.4)
      actionview (= 5.1.4)
      activesupport (= 5.1.4)
      rack (~> 2.0)
      rack-test (>= 0.6.3)
      rails-dom-testing (~> 2.0)
      rails-html-sanitizer (~> 1.0, >= 1.0.2)
    actionview (5.1.4)
      activesupport (= 5.1.4)
      builder (~> 3.1)
      erubi (~> 1.4)
      rails-dom-testing (~> 2.0)
      rails-html-sanitizer (~> 1.0, >= 1.0.3)
    activejob (5.1.4)
      activesupport (= 5.1.4)
      globalid (>= 0.3.6)
    activemodel (5.1.4)
      activesupport (= 5.1.4)
    activerecord (5.1.4)
      activemodel (= 5.1.4)
      activesupport (= 5.1.4)
      arel (~> 8.0)
    activesupport (5.1.4)
      concurrent-ruby (~> 1.0, >= 1.0.2)
      i18n (~> 0.7)
      minitest (~> 5.1)
      tzinfo (~> 1.1)
    addressable (2.5.2)
      public_suffix (>= 2.0.2, < 4.0)
    algorithms (0.6.1)
    arel (8.0.0)
    bindex (0.5.0)
    bisect (0.1)
    builder (3.2.3)
    byebug (9.1.0)
    co-elastic-query (3.1.0)
      elasticsearch (~> 2.0)
      uv-rays (~> 2.0)
    concurrent-ruby (1.0.5)
    cookiejar (0.3.3)
    couchbase-orm (1.0.0)
      activemodel (>= 4.0, < 6.0)
      libcouchbase (~> 1.0)
      radix (~> 2.2)
    crass (1.0.2)
    diff-lcs (1.3)
    doorkeeper (4.2.6)
      railties (>= 4.2)
    doorkeeper-couchbase (1.0.2)
      couchbase-orm (>= 0.0.0, < 2)
      doorkeeper (>= 4.0.0, < 5)
    elasticsearch (2.0.2)
      elasticsearch-api (= 2.0.2)
      elasticsearch-transport (= 2.0.2)
    elasticsearch-api (2.0.2)
      multi_json
    elasticsearch-transport (2.0.2)
      faraday
      multi_json
    email_validator (1.6.0)
      activemodel
    erubi (1.7.0)
    evented-ssh (0.0.4)
      ipaddress (~> 0.8)
      libuv (~> 3.1)
      net-ssh (~> 4.1)
    faraday (0.12.2)
      multipart-post (>= 1.2, < 3)
    ffi (1.9.18)
    ffi-compiler (1.0.1)
      ffi (>= 1.0.0)
      rake
    globalid (0.4.1)
      activesupport (>= 4.2.0)
    hashie (3.5.6)
    http-2 (0.8.4)
    http-parser (1.2.0)
      ffi-compiler (>= 1.0, < 2.0)
    i18n (0.9.0)
      concurrent-ruby (~> 1.0)
    ipaddress (0.8.3)
    jwt (1.5.6)
    libcouchbase (1.1.0)
      concurrent-ruby (~> 1.0)
      ffi (~> 1.9)
      libuv (>= 3.2.2, < 4)
    libuv (3.2.3)
      concurrent-ruby (~> 1.0)
      ffi (~> 1.9)
      ruby-tls (~> 2.1)
    listen (3.0.8)
      rb-fsevent (~> 0.9, >= 0.9.4)
      rb-inotify (~> 0.9, >= 0.9.7)
    loofah (2.1.1)
      crass (~> 1.0.2)
      nokogiri (>= 1.5.9)
    mail (2.6.6)
      mime-types (>= 1.16, < 4)
    method_source (0.9.0)
    mime-types (3.1)
      mime-types-data (~> 3.2015)
    mime-types-data (3.2016.0521)
    mini_portile2 (2.3.0)
    minitest (5.10.3)
    multi_json (1.12.2)
    multi_xml (0.6.0)
    multipart-post (2.0.0)
    net-http-digest_auth (1.4.1)
    net-ldap (0.16.0)
    net-ssh (4.2.0)
    netsnmp (0.1.3)
    nio4r (2.1.0)
    nokogiri (1.8.1)
      mini_portile2 (~> 2.3.0)
    oauth (0.5.3)
    oauth2 (1.4.0)
      faraday (>= 0.8, < 0.13)
      jwt (~> 1.0)
      multi_json (~> 1.3)
      multi_xml (~> 0.5)
      rack (>= 1.2, < 3)
    omniauth (1.7.1)
      hashie (>= 3.4.6, < 3.6.0)
      rack (>= 1.6.2, < 3)
    omniauth-ldap2 (1.0.4)
      net-ldap
      omniauth
      pyu-ruby-sasl
      rubyntlm
    omniauth-oauth2 (1.4.0)
      oauth2 (~> 1.0)
      omniauth (~> 1.2)
    omniauth-saml (1.8.1)
      omniauth (~> 1.3)
      ruby-saml (~> 1.4, >= 1.4.3)
    parse-cron (0.1.4)
    public_suffix (3.0.0)
    pyu-ruby-sasl (0.0.3.3)
    rack (2.0.3)
    rack-test (0.7.0)
      rack (>= 1.0, < 3)
    radix (2.2.1)
    rails (5.1.4)
      actioncable (= 5.1.4)
      actionmailer (= 5.1.4)
      actionpack (= 5.1.4)
      actionview (= 5.1.4)
      activejob (= 5.1.4)
      activemodel (= 5.1.4)
      activerecord (= 5.1.4)
      activesupport (= 5.1.4)
      bundler (>= 1.3.0)
      railties (= 5.1.4)
      sprockets-rails (>= 2.0.0)
    rails-dom-testing (2.0.3)
      activesupport (>= 4.2.0)
      nokogiri (>= 1.6)
    rails-html-sanitizer (1.0.3)
      loofah (~> 2.0)
    railties (5.1.4)
      actionpack (= 5.1.4)
      activesupport (= 5.1.4)
      method_source
      rake (>= 0.8.7)
      thor (>= 0.18.1, < 2.0)
    rake (12.2.1)
    rb-fsevent (0.10.2)
    rb-inotify (0.9.10)
      ffi (>= 0.5.0, < 2)
    rspec (3.7.0)
      rspec-core (~> 3.7.0)
      rspec-expectations (~> 3.7.0)
      rspec-mocks (~> 3.7.0)
    rspec-core (3.7.0)
      rspec-support (~> 3.7.0)
    rspec-expectations (3.7.0)
      diff-lcs (>= 1.2.0, < 2.0)
      rspec-support (~> 3.7.0)
    rspec-mocks (3.7.0)
      diff-lcs (>= 1.2.0, < 2.0)
      rspec-support (~> 3.7.0)
    rspec-support (3.7.0)
    ruby-saml (1.5.0)
      nokogiri (>= 1.5.10)
    ruby-tls (2.3.3)
      concurrent-ruby (~> 1.0)
      ffi-compiler (>= 1.0, < 2.0)
    rubyntlm (0.6.2)
    scrypt (3.0.5)
      ffi-compiler (>= 1.0, < 2.0)
    spider-gazelle (3.0.7)
      http-2 (~> 0.8)
      http-parser (~> 1.1)
      libuv (~> 3.0)
      rack (~> 2.0)
      uv-rays (~> 2.0)
      websocket-driver (~> 0.6)
    sprockets (3.7.1)
      concurrent-ruby (~> 1.0)
      rack (> 1, < 3)
    sprockets-rails (3.2.1)
      actionpack (>= 4.0)
      activesupport (>= 4.0)
      sprockets (>= 3.0.0)
    thor (0.20.0)
    thread_safe (0.3.6)
    tzinfo (1.2.3)
      thread_safe (~> 0.1)
    tzinfo-data (1.2017.3)
      tzinfo (>= 1.0.0)
    uv-rays (2.3.2)
      activesupport (>= 4, < 6)
      addressable (~> 2.4)
      bisect (~> 0.1)
      cookiejar (~> 0.3)
      http-parser (~> 1.2)
      ipaddress (~> 0.8)
      libuv (~> 3.0)
      net-http-digest_auth (~> 1.4)
      parse-cron (~> 0.1)
      rubyntlm (~> 0.6)
      tzinfo (~> 1.2)
    web-console (3.5.1)
      actionview (>= 5.0)
      activemodel (>= 5.0)
      bindex (>= 0.4.0)
      railties (>= 5.0)
    websocket-driver (0.6.5)
      websocket-extensions (>= 0.1.0)
    websocket-extensions (0.1.2)
    xorcist (1.0.1)

PLATFORMS
  ruby

DEPENDENCIES
  aca-device-modules!
  byebug
  coauth!
  couchbase-orm
  doorkeeper-couchbase
  listen (~> 3.0.5)
  orchestrator!
  rails (~> 5.0, >= 5.0.0.1)
  spider-gazelle (~> 3.0)
  tzinfo-data
  web-console

BUNDLED WITH
   1.15.1
