GIT
  remote: git://github.com/QuayPay/coauth.git
  revision: 70c92df6d3c1e0992261b11e3a5bebaa796ef8e8
  branch: couchbase-orm
  specs:
    coauth (1.0.0)
      addressable
      doorkeeper-couchbase
      email_validator
      omniauth
      scrypt

PATH
  remote: ../aca-device-modules
  specs:
    aca-device-modules (2.0.0)
      orchestrator
      rails

PATH
  remote: ../ruby-engine
  specs:
    orchestrator (2.0.0)
      addressable (~> 2.4)
      algorithms (~> 0.6)
      co-elastic-query (~> 3.0)
      couchbase-orm (~> 0)
      doorkeeper-couchbase (~> 1.0)
      libuv (~> 3.1)
      oauth (~> 0.5)
      rails (~> 5.0)
      rake (~> 11.2)
      spider-gazelle (~> 3.0)
      uv-rays (~> 2.0)

GEM
  remote: https://rubygems.org/
  specs:
    actioncable (5.0.2)
      actionpack (= 5.0.2)
      nio4r (>= 1.2, < 3.0)
      websocket-driver (~> 0.6.1)
    actionmailer (5.0.2)
      actionpack (= 5.0.2)
      actionview (= 5.0.2)
      activejob (= 5.0.2)
      mail (~> 2.5, >= 2.5.4)
      rails-dom-testing (~> 2.0)
    actionpack (5.0.2)
      actionview (= 5.0.2)
      activesupport (= 5.0.2)
      rack (~> 2.0)
      rack-test (~> 0.6.3)
      rails-dom-testing (~> 2.0)
      rails-html-sanitizer (~> 1.0, >= 1.0.2)
    actionview (5.0.2)
      activesupport (= 5.0.2)
      builder (~> 3.1)
      erubis (~> 2.7.0)
      rails-dom-testing (~> 2.0)
      rails-html-sanitizer (~> 1.0, >= 1.0.3)
    activejob (5.0.2)
      activesupport (= 5.0.2)
      globalid (>= 0.3.6)
    activemodel (5.0.2)
      activesupport (= 5.0.2)
    activerecord (5.0.2)
      activemodel (= 5.0.2)
      activesupport (= 5.0.2)
      arel (~> 7.0)
    activesupport (5.0.2)
      concurrent-ruby (~> 1.0, >= 1.0.2)
      i18n (~> 0.7)
      minitest (~> 5.1)
      tzinfo (~> 1.1)
    addressable (2.5.0)
      public_suffix (~> 2.0, >= 2.0.2)
    algorithms (0.6.1)
    arel (7.1.4)
    bisect (0.1)
    builder (3.2.3)
    byebug (9.0.6)
    co-elastic-query (3.0.1)
      elasticsearch (~> 2.0)
      uv-rays (~> 2.0)
    concurrent-ruby (1.0.5)
    cookiejar (0.3.3)
    couchbase-orm (0.1.2)
      activemodel (~> 5.0)
      libcouchbase (~> 0.0)
      radix (~> 2.2)
    doorkeeper (4.2.5)
      railties (>= 4.2)
    doorkeeper-couchbase (1.0.1)
      couchbase-orm (>= 0.0.0, < 2)
      doorkeeper (>= 4.0.0, < 5)
    elasticsearch (2.0.1)
      elasticsearch-api (= 2.0.1)
      elasticsearch-transport (= 2.0.1)
    elasticsearch-api (2.0.1)
      multi_json
    elasticsearch-transport (2.0.1)
      faraday
      multi_json
    email_validator (1.6.0)
      activemodel
    erubis (2.7.0)
    faraday (0.11.0)
      multipart-post (>= 1.2, < 3)
    ffi (1.9.18)
    ffi-compiler (1.0.1)
      ffi (>= 1.0.0)
      rake
    globalid (0.3.7)
      activesupport (>= 4.1.0)
    hashie (3.5.5)
    http-2 (0.8.3)
    http-parser (1.2.0)
      ffi-compiler (>= 1.0, < 2.0)
    i18n (0.8.1)
    ipaddress (0.8.3)
    libcouchbase (0.0.9)
      concurrent-ruby (~> 1.0)
      ffi (~> 1.9)
      libuv (>= 3.0.1, < 4)
    libuv (3.1.4)
      concurrent-ruby (~> 1.0)
      ffi (~> 1.9)
      ruby-tls (~> 2.1)
    listen (3.0.8)
      rb-fsevent (~> 0.9, >= 0.9.4)
      rb-inotify (~> 0.9, >= 0.9.7)
    loofah (2.0.3)
      nokogiri (>= 1.5.9)
    mail (2.6.4)
      mime-types (>= 1.16, < 4)
    method_source (0.8.2)
    mime-types (3.1)
      mime-types-data (~> 3.2015)
    mime-types-data (3.2016.0521)
    mini_portile2 (2.1.0)
    minitest (5.10.1)
    multi_json (1.12.1)
    multipart-post (2.0.0)
    net-http-digest_auth (1.4.1)
    nio4r (2.0.0)
    nokogiri (1.7.0.1)
      mini_portile2 (~> 2.1.0)
    oauth (0.5.1)
    omniauth (1.6.1)
      hashie (>= 3.4.6, < 3.6.0)
      rack (>= 1.6.2, < 3)
    public_suffix (2.0.5)
    rack (2.0.1)
    rack-test (0.6.3)
      rack (>= 1.0)
    radix (2.2.1)
    rails (5.0.2)
      actioncable (= 5.0.2)
      actionmailer (= 5.0.2)
      actionpack (= 5.0.2)
      actionview (= 5.0.2)
      activejob (= 5.0.2)
      activemodel (= 5.0.2)
      activerecord (= 5.0.2)
      activesupport (= 5.0.2)
      bundler (>= 1.3.0, < 2.0)
      railties (= 5.0.2)
      sprockets-rails (>= 2.0.0)
    rails-dom-testing (2.0.2)
      activesupport (>= 4.2.0, < 6.0)
      nokogiri (~> 1.6)
    rails-html-sanitizer (1.0.3)
      loofah (~> 2.0)
    railties (5.0.2)
      actionpack (= 5.0.2)
      activesupport (= 5.0.2)
      method_source
      rake (>= 0.8.7)
      thor (>= 0.18.1, < 2.0)
    rake (11.3.0)
    rb-fsevent (0.9.8)
    rb-inotify (0.9.8)
      ffi (>= 0.5.0)
    ruby-tls (2.3.0)
      concurrent-ruby (~> 1.0)
      ffi-compiler (>= 1.0, < 2.0)
    rubyntlm (0.6.1)
    scrypt (3.0.3)
      ffi-compiler (>= 1.0.0)
      rake
    spider-gazelle (3.0.3)
      http-2 (~> 0.8)
      http-parser (~> 1.1)
      libuv (~> 3.0)
      rack (~> 2.0)
      uv-rays (~> 2.0)
      websocket-driver (~> 0.6)
    spring (2.0.1)
      activesupport (>= 4.2)
    spring-watcher-listen (2.0.1)
      listen (>= 2.7, < 4.0)
      spring (>= 1.2, < 3.0)
    sprockets (3.7.1)
      concurrent-ruby (~> 1.0)
      rack (> 1, < 3)
    sprockets-rails (3.2.0)
      actionpack (>= 4.0)
      activesupport (>= 4.0)
      sprockets (>= 3.0.0)
    thor (0.19.4)
    thread_safe (0.3.6)
    tzinfo (1.2.2)
      thread_safe (~> 0.1)
    tzinfo-data (1.2017.1)
      tzinfo (>= 1.0.0)
    uv-rays (2.0.3)
      addressable (~> 2.4)
      bisect (~> 0.1)
      cookiejar (~> 0.3)
      http-parser (~> 1.2)
      ipaddress (~> 0.8)
      libuv (~> 3.0)
      net-http-digest_auth (~> 1.4)
      rubyntlm (~> 0.6)
      tzinfo (~> 1.2)
    websocket-driver (0.6.5)
      websocket-extensions (>= 0.1.0)
    websocket-extensions (0.1.2)

PLATFORMS
  ruby

DEPENDENCIES
  aca-device-modules!
  byebug
  coauth!
  couchbase-orm
  doorkeeper-couchbase
  listen (~> 3.0.5)
  orchestrator!
  rails (~> 5.0.0, >= 5.0.0.1)
  spider-gazelle (~> 3.0)
  spring
  spring-watcher-listen (~> 2.0.0)
  tzinfo-data

BUNDLED WITH
   1.14.3
